GEM
  remote: https://rubygems.org/
  specs:
    kramdown (2.4.0)
      rexml
    rake (13.0.6)
    rexml (3.2.5)

PLATFORMS
  ruby
  x86_64-darwin-21
  x86_64-linux

DEPENDENCIES
  bundler
  kramdown
  rake

BUNDLED WITH
   2.3.6
